GEM
  remote: https://rubygems.org/
  specs:
    backports (3.8.0)
    cache (0.4.1)
    coderay (1.1.1)
    daemons (1.2.4)
    dotenv (2.2.1)
    ethon (0.10.1)
      ffi (>= 1.3.0)
    eventmachine (1.2.5)
    fakeredis (0.6.0)
      redis (~> 3.2)
    faraday (0.13.0)
      multipart-post (>= 1.2, < 3)
    ffi (1.9.18)
    jwt (1.5.6)
    libxml-ruby (3.0.0)
    method_source (0.8.2)
    mini_portile2 (2.2.0)
    multi_json (1.12.1)
    multipart-post (2.0.0)
    mustermann (1.0.0)
    nokogiri (1.8.0)
      mini_portile2 (~> 2.2.0)
    pry (0.10.4)
      coderay (~> 1.1.0)
      method_source (~> 0.8.1)
      slop (~> 3.4)
    rack (2.0.3)
    rack-protection (2.0.0)
      rack
    redis (3.3.3)
    sinatra (2.0.0)
      mustermann (~> 1.0)
      rack (~> 2.0)
      rack-protection (= 2.0.0)
      tilt (~> 2.0)
    sinatra-contrib (2.0.0)
      backports (>= 2.0)
      multi_json
      mustermann (~> 1.0)
      rack-protection (= 2.0.0)
      sinatra (= 2.0.0)
      tilt (>= 1.3, < 3)
    slop (3.6.0)
    thin (1.7.2)
      daemons (~> 1.0, >= 1.0.9)
      eventmachine (~> 1.0, >= 1.0.4)
      rack (>= 1, < 3)
    tilt (2.0.8)
    twilio-ruby (5.1.1)
      faraday (~> 0.9)
      jwt (~> 1.5)
      libxml-ruby (= 3.0.0)
    typhoeus (1.1.2)
      ethon (>= 0.9.0)

PLATFORMS
  ruby

DEPENDENCIES
  cache
  dotenv
  fakeredis
  nokogiri
  pry
  redis
  sinatra
  sinatra-contrib
  thin
  twilio-ruby
  typhoeus

RUBY VERSION
   ruby 2.4.1p111

BUNDLED WITH
   1.15.3
